PATH
  remote: .
  specs:
    double_doc (2.2.0)
      erubis
      pygments.rb (~> 2.0)
      rake
      redcarpet (< 4)

GEM
  remote: https://rubygems.org/
  specs:
    bump (0.10.0)
    coderay (1.1.3)
    erubis (2.7.0)
    ffi (1.16.3)
    formatador (1.1.0)
    guard (1.8.3)
      formatador (>= 0.2.4)
      listen (~> 1.3)
      lumberjack (>= 1.0.2)
      pry (>= 0.9.10)
      thor (>= 0.14.6)
    listen (1.3.1)
      rb-fsevent (>= 0.9.3)
      rb-inotify (>= 0.9)
      rb-kqueue (>= 0.2)
    lumberjack (1.2.10)
    maxitest (5.4.0)
      minitest (>= 5.14.0, < 5.21.0)
    method_source (1.0.0)
    mime-types (3.5.2)
      mime-types-data (~> 3.2015)
    mime-types-data (3.2023.1205)
    minitest (5.20.0)
    pry (0.14.2)
      coderay (~> 1.1)
      method_source (~> 1.0)
    pygments.rb (2.4.1)
    rake (13.1.0)
    rb-fsevent (0.11.2)
    rb-inotify (0.10.1)
      ffi (~> 1.0)
    rb-kqueue (0.2.8)
      ffi (>= 0.5.0)
    redcarpet (3.6.0)
    thor (1.3.0)

PLATFORMS
  ruby

DEPENDENCIES
  bump
  double_doc!
  guard (~> 1.6)
  maxitest
  mime-types

BUNDLED WITH
   2.5.4
